GEM
  remote: https://rubygems.org/
  specs:
    diff-lcs (1.2.5)
    multi_json (1.11.2)
    mustermann (2.0.2)
      ruby2_keywords (~> 0.0.1)
    net-scp (1.2.1)
      net-ssh (>= 2.6.5)
    net-ssh (2.9.2)
    net-telnet (0.1.1)
    rack (2.2.4)
    rack-protection (2.2.3)
      rack
    redis (3.2.1)
    rspec (3.3.0)
      rspec-core (~> 3.3.0)
      rspec-expectations (~> 3.3.0)
      rspec-mocks (~> 3.3.0)
    rspec-core (3.3.2)
      rspec-support (~> 3.3.0)
    rspec-expectations (3.3.1)
      diff-lcs (>= 1.2.0, < 2.0)
      rspec-support (~> 3.3.0)
    rspec-its (1.2.0)
      rspec-core (>= 3.0.0)
      rspec-expectations (>= 3.0.0)
    rspec-mocks (3.3.2)
      diff-lcs (>= 1.2.0, < 2.0)
      rspec-support (~> 3.3.0)
    rspec-support (3.3.0)
    ruby2_keywords (0.0.5)
    serverspec (2.24.2)
      multi_json
      rspec (~> 3.0)
      rspec-its
      specinfra (~> 2.43)
    sfl (2.2)
    sinatra (2.2.3)
      mustermann (~> 2.0)
      rack (~> 2.2)
      rack-protection (= 2.2.3)
      tilt (~> 2.0)
    specinfra (2.44.1)
      net-scp
      net-ssh (~> 2.7)
      net-telnet
      sfl
    tilt (2.0.11)

PLATFORMS
  ruby

DEPENDENCIES
  redis
  serverspec
  sinatra

BUNDLED WITH
   1.10.6
